GEM
  remote: https://rubygems.org/
  specs:
    CFPropertyList (3.0.1)
    activemodel (6.0.5.1)
      activesupport (= 6.0.5.1)
    activerecord (6.0.5.1)
      activemodel (= 6.0.5.1)
      activesupport (= 6.0.5.1)
    activesupport (6.0.5.1)
      concurrent-ruby (~> 1.0, >= 1.0.2)
      i18n (>= 0.7, < 2)
      minitest (~> 5.1)
      tzinfo (~> 1.1)
      zeitwerk (~> 2.2, >= 2.2.2)
    concurrent-ruby (1.1.10)
    i18n (1.11.0)
      concurrent-ruby (~> 1.0)
    mail (2.7.1)
      mini_mime (>= 0.1.1)
    mini_mime (1.0.2)
    mini_portile2 (2.4.0)
    minitest (5.16.2)
    nokogiri (1.10.4)
      mini_portile2 (~> 2.4.0)
    sqlite3 (1.4.1)
    thread_safe (0.3.6)
    tzinfo (1.2.9)
      thread_safe (~> 0.1)
    zeitwerk (2.6.0)

PLATFORMS
  ruby

DEPENDENCIES
  CFPropertyList
  activerecord
  mail
  nokogiri
  sqlite3

BUNDLED WITH
   2.0.2
